PATH
  remote: .
  specs:
    KRXcode (0.3.4)
      highline
      thor
      xcodeproj (>= 1.19.0)

GEM
  remote: https://rubygems.org/
  specs:
    CFPropertyList (3.0.3)
    atomos (0.1.3)
    claide (1.0.3)
    colored2 (3.1.2)
    highline (2.0.3)
    nanaimo (0.3.0)
    rake (13.0.3)
    thor (1.1.0)
    xcodeproj (1.19.0)
      CFPropertyList (>= 2.3.3, < 4.0)
      atomos (~> 0.1.3)
      claide (>= 1.0.2, < 2.0)
      colored2 (~> 3.1)
      nanaimo (~> 0.3.0)

PLATFORMS
  ruby

DEPENDENCIES
  KRXcode!
  bundler (>= 2.1.4)
  rake (>= 12.3.3)

BUNDLED WITH
   2.1.4
