PATH
  remote: .
  specs:
    KRXcode (0.1.0)
      thor

GEM
  remote: https://rubygems.org/
  specs:
    CFPropertyList (3.0.0)
    atomos (0.1.3)
    claide (1.0.2)
    colored2 (3.1.2)
    nanaimo (0.2.6)
    rake (10.5.0)
    thor (0.20.3)
    xcodeproj (1.8.2)
      CFPropertyList (>= 2.3.3, < 4.0)
      atomos (~> 0.1.3)
      claide (>= 1.0.2, < 2.0)
      colored2 (~> 3.1)
      nanaimo (~> 0.2.6)

PLATFORMS
  ruby

DEPENDENCIES
  KRXcode!
  bundler (~> 1.17)
  rake (~> 10.0)
  xcodeproj (~> 1.8.2)

BUNDLED WITH
   1.17.1
