PATH
  remote: .
  specs:
    KRXcode (0.3.6)
      highline
      thor
      xcodeproj (>= 1.22.0)

GEM
  remote: https://rubygems.org/
  specs:
    CFPropertyList (3.0.7)
      base64
      nkf
      rexml
    atomos (0.1.3)
    base64 (0.3.0)
    claide (1.1.0)
    colored2 (3.1.2)
    highline (3.1.2)
      reline
    io-console (0.8.0)
    nanaimo (0.4.0)
    nkf (0.2.0)
    rake (13.3.0)
    reline (0.6.1)
      io-console (~> 0.5)
    rexml (3.4.1)
    thor (1.3.2)
    xcodeproj (1.27.0)
      CFPropertyList (>= 2.3.3, < 4.0)
      atomos (~> 0.1.3)
      claide (>= 1.0.2, < 2.0)
      colored2 (~> 3.1)
      nanaimo (~> 0.4.0)
      rexml (>= 3.3.6, < 4.0)

PLATFORMS
  ruby

DEPENDENCIES
  KRXcode!
  bundler (>= 2.1.4)
  rake (>= 12.3.3)

BUNDLED WITH
   2.6.7
