PATH
  remote: .
  specs:
    KRXcode (0.1.0)
      highline
      thor
      xcodeproj (>= 1.10.0)

GEM
  remote: https://rubygems.org/
  specs:
    CFPropertyList (3.0.2)
    atomos (0.1.3)
    claide (1.0.3)
    colored2 (3.1.2)
    highline (2.0.3)
    nanaimo (0.2.6)
    rake (13.0.1)
    thor (1.0.1)
    xcodeproj (1.15.0)
      CFPropertyList (>= 2.3.3, < 4.0)
      atomos (~> 0.1.3)
      claide (>= 1.0.2, < 2.0)
      colored2 (~> 3.1)
      nanaimo (~> 0.2.6)

PLATFORMS
  ruby

DEPENDENCIES
  KRXcode!
  bundler (~> 1.17)
  rake (~> 13.0)

BUNDLED WITH
   1.17.1
