PATH
  remote: .
  specs:
    KRXcode (0.3.5)
      highline
      thor
      xcodeproj (>= 1.22.0)

GEM
  remote: https://rubygems.org/
  specs:
    CFPropertyList (3.0.6)
      rexml
    atomos (0.1.3)
    claide (1.1.0)
    colored2 (3.1.2)
    highline (2.1.0)
    nanaimo (0.3.0)
    rake (13.0.3)
    rexml (3.2.5)
    thor (1.2.1)
    xcodeproj (1.22.0)
      CFPropertyList (>= 2.3.3, < 4.0)
      atomos (~> 0.1.3)
      claide (>= 1.0.2, < 2.0)
      colored2 (~> 3.1)
      nanaimo (~> 0.3.0)
      rexml (~> 3.2.4)

PLATFORMS
  ruby

DEPENDENCIES
  KRXcode!
  bundler (>= 2.1.4)
  rake (>= 12.3.3)

BUNDLED WITH
   2.1.4
